GEM
  remote: https://rubygems.org/
  specs:
    slop (4.5.0)

PLATFORMS
  x64-mingw32

DEPENDENCIES
  slop

BUNDLED WITH
   1.15.4
